GIT
  remote: git://github.com/Narazaka/dm-redis-adapter.git
  revision: d9475e91b12737ab9325d11d730f480097b1be68
  specs:
    dm-redis-adapter (0.10.0)
      dm-core (>= 1.2.0)
      dm-types (>= 1.2.0)
      dm-validations (>= 1.2.0)
      redis (>= 3.0.4)

GEM
  remote: https://rubygems.org/
  specs:
    addressable (2.3.8)
    backports (3.6.5)
    bcrypt (3.1.10)
    bcrypt (3.1.10-x64-mingw32)
    bcrypt-ruby (3.1.5)
      bcrypt (>= 3.1.3)
    bcrypt-ruby (3.1.5-x64-mingw32)
      bcrypt (>= 3.1.3)
    dm-core (1.2.1)
      addressable (~> 2.3)
    dm-serializer (1.2.2)
      dm-core (~> 1.2.0)
      fastercsv (~> 1.5)
      json (~> 1.6)
      json_pure (~> 1.6)
      multi_json (~> 1.0)
    dm-types (1.2.2)
      bcrypt-ruby (~> 3.0)
      dm-core (~> 1.2.0)
      fastercsv (~> 1.5)
      json (~> 1.6)
      multi_json (~> 1.0)
      stringex (~> 1.4)
      uuidtools (~> 2.1)
    dm-validations (1.2.0)
      dm-core (~> 1.2.0)
    dm-validations-i18n (0.3.10)
      dm-validations (~> 1.2)
    fastercsv (1.5.5)
    json (1.8.3)
    json_pure (1.8.2)
    multi_json (1.11.2)
    rack (1.6.4)
    rack-protection (1.5.3)
      rack
    rack-test (0.6.3)
      rack (>= 1.0)
    redis (3.2.1)
    sinatra (1.4.6)
      rack (~> 1.4)
      rack-protection (~> 1.4)
      tilt (>= 1.3, < 3)
    sinatra-contrib (1.4.6)
      backports (>= 2.0)
      multi_json
      rack-protection
      rack-test
      sinatra (~> 1.4.0)
      tilt (>= 1.3, < 3)
    stringex (1.5.1)
    tilt (2.0.1)
    uuidtools (2.1.5)

PLATFORMS
  ruby
  x64-mingw32

DEPENDENCIES
  dm-core
  dm-redis-adapter!
  dm-serializer
  dm-validations
  dm-validations-i18n
  sinatra
  sinatra-contrib
